GEM
  remote: https://rubygems.org/
  specs:
    minitest (5.25.4)
    minitest-power_assert (0.3.1)
      minitest
      power_assert (>= 1.1)
    power_assert (2.0.5)

PLATFORMS
  ruby

DEPENDENCIES
  minitest
  minitest-power_assert

BUNDLED WITH
   1.17.2
